PATH
  remote: .
  specs:
    warcards (0.0.1)

GEM
  remote: https://rubygems.org/
  specs:
    ffi (1.1.0)
    ffi (1.1.0-x86-mingw32)
    guard (1.2.3)
      listen (>= 0.4.2)
      thor (>= 0.14.6)
    guard-minitest (0.5.0)
      guard (>= 0.4)
    listen (0.4.7)
      rb-fchange (~> 0.0.5)
      rb-fsevent (~> 0.9.1)
      rb-inotify (~> 0.8.8)
    minitest (3.3.0)
    minitest-spec (0.0.2.1)
      minitest (>= 3.0)
    rb-fchange (0.0.5)
      ffi
    rb-fsevent (0.9.1)
    rb-inotify (0.8.8)
      ffi (>= 0.5.0)
    thor (0.15.4)

PLATFORMS
  ruby
  x86-mingw32

DEPENDENCIES
  guard
  guard-minitest
  minitest-spec
  rb-fsevent
  warcards!
