PATH
  remote: .
  specs:
    warcards (0.0.4)
      bundler (~> 1.1)
      querinator
      rake (~> 0.9.2)

GEM
  remote: https://rubygems.org/
  specs:
    ansi (1.4.3)
    builder (3.0.0)
    ffi (1.1.1)
    ffi (1.1.1-x86-mingw32)
    growl (1.0.3)
    guard (1.2.3)
      listen (>= 0.4.2)
      thor (>= 0.14.6)
    guard-minitest (0.5.0)
      guard (>= 0.4)
    hashie (1.2.0)
    listen (0.4.7)
      rb-fchange (~> 0.0.5)
      rb-fsevent (~> 0.9.1)
      rb-inotify (~> 0.8.8)
    minitest (3.3.0)
    minitest-reporters (0.9.0)
      ansi
      builder
      minitest (>= 2.0, < 4.0)
      powerbar
    minitest-spec (0.0.2.1)
      minitest (>= 3.0)
    multi_json (1.3.6)
    powerbar (1.0.8)
      ansi (~> 1.4.0)
      hashie (>= 1.1.0)
    querinator (0.0.2)
      rake (~> 0.9.2)
    rake (0.9.2.2)
    rb-fchange (0.0.5)
      ffi
    rb-fsevent (0.9.1)
    rb-inotify (0.8.8)
      ffi (>= 0.5.0)
    simplecov (0.6.4)
      multi_json (~> 1.0)
      simplecov-html (~> 0.5.3)
    simplecov-html (0.5.3)
    thor (0.15.4)
    turn (0.9.6)
      ansi

PLATFORMS
  ruby
  x86-mingw32

DEPENDENCIES
  growl (~> 1.0.3)
  guard (~> 1.2.3)
  guard-minitest (~> 0.5.0)
  minitest-reporters (~> 0.9.0)
  minitest-spec (~> 0.0.2)
  rb-fsevent (~> 0.9.1)
  simplecov (~> 0.6)
  turn (~> 0.9.6)
  warcards!
