PATH
  remote: .
  specs:
    warcards (0.0.1)
      querinator

GEM
  remote: https://rubygems.org/
  specs:
    ansi (1.4.3)
    builder (3.0.0)
    hashie (1.2.0)
    minitest (3.3.0)
    minitest-reporters (0.9.0)
      ansi
      builder
      minitest (>= 2.0, < 4.0)
      powerbar
    minitest-spec (0.0.2.1)
      minitest (>= 3.0)
    powerbar (1.0.7)
      ansi (~> 1.4.0)
      hashie (>= 1.1.0)
    querinator (0.0.1)
    rb-fsevent (0.9.1)

PLATFORMS
  ruby

DEPENDENCIES
  minitest-reporters (~> 0.9.0)
  minitest-spec (~> 0.0.2)
  rb-fsevent (~> 0.9.1)
  warcards!
